GEM
  remote: https://rubygems.org/
  specs:
    awesome_print (1.1.0)
    coderay (1.0.9)
    daemons (1.1.9)
    eventmachine (1.0.3)
    ffi (1.9.0)
    hashie (3.6.0)
    listen (1.3.1)
      rb-fsevent (>= 0.9.3)
      rb-inotify (>= 0.9)
      rb-kqueue (>= 0.2)
    method_source (0.8.2)
    mime-types (1.25)
    multi_json (1.8.0)
    mysqlplus (0.1.2)
    oa-core (0.3.2)
    oa-openid (0.3.2)
      oa-core (= 0.3.2)
      rack-openid (~> 1.3.1)
      ruby-openid-apps-discovery (~> 1.2.0)
    omniauth (1.4.3)
      hashie (>= 1.2, < 4)
      rack (>= 1.6.2, < 3)
    omniauth-openid (1.0.1)
      omniauth (~> 1.0)
      rack-openid (~> 1.3.1)
    omniauth-steam (1.0.3)
      multi_json
      omniauth-openid
    pry (0.9.12.2)
      coderay (~> 1.0.5)
      method_source (~> 0.8)
      slop (~> 3.4)
    rack (1.6.11)
    rack-openid (1.3.1)
      rack (>= 1.1.0)
      ruby-openid (>= 2.1.8)
    rack-protection (1.5.0)
      rack
    rb-fsevent (0.9.3)
    rb-inotify (0.9.2)
      ffi (>= 0.5.0)
    rb-kqueue (0.2.0)
      ffi (>= 0.5.0)
    rerun (0.8.1)
      listen (>= 1.0.3)
    rest-client (1.6.7)
      mime-types (>= 1.16)
    ruby-openid (2.3.0)
    ruby-openid-apps-discovery (1.2.0)
      ruby-openid (>= 2.1.7)
    sequel (4.2.0)
    sinatra (1.4.3)
      rack (~> 1.4)
      rack-protection (~> 1.4)
      tilt (~> 1.3, >= 1.3.4)
    sinatra-partial (0.4.0)
      sinatra
    sinatra-session (1.0.0)
      sinatra (>= 1.0)
    slop (3.4.6)
    sqlite3 (1.3.8)
    thin (1.5.1)
      daemons (>= 1.0.9)
      eventmachine (>= 0.12.6)
      rack (>= 1.0.0)
    tilt (1.4.1)

PLATFORMS
  ruby

DEPENDENCIES
  awesome_print
  mysqlplus
  oa-openid
  omniauth
  omniauth-openid
  omniauth-steam
  pry
  rerun
  rest-client
  sequel
  sinatra
  sinatra-partial
  sinatra-session
  sqlite3
  thin
